GIT
  remote: git@github.com:Shopify/android_emulator.git
  revision: 94598149dbf692e5d29d5f3b4e6f6e1da0014612
  specs:
    android_emulator (0.1.0)

GIT
  remote: git@github.com:jules2689/fastlane.git
  revision: be06576a626a0b330a6fe01e53ee57d6af531d0c
  specs:
    cert (1.4.1)
      fastlane_core (>= 0.29.1, < 1.0.0)
      spaceship (>= 0.22.0, < 1.0.0)
    deliver (1.13.1)
      credentials_manager (>= 0.16.0, < 1.0.0)
      fastimage (~> 1.6)
      fastlane_core (>= 0.46.2, < 1.0.0)
      plist (~> 3.1.0)
      spaceship (>= 0.26.2, < 1.0.0)
    fastlane (1.95.0)
      addressable (~> 2.3)
      bundler (~> 1.12)
      cert (>= 1.4.1, < 2.0.0)
      credentials_manager (>= 0.16.0, < 1.0.0)
      deliver (>= 1.13.1, < 2.0.0)
      fastlane_core (>= 0.47.0, < 1.0.0)
      frameit (>= 2.7.0, < 3.0.0)
      gym (>= 1.6.3, < 2.0.0)
      krausefx-shenzhen (>= 0.14.7)
      match (>= 0.6.0, < 1.0.0)
      multipart-post (~> 2.0.0)
      pem (>= 1.3.1, < 2.0.0)
      pilot (>= 1.9.1, < 2.0.0)
      plist (~> 3.1.0)
      produce (>= 1.1.2, < 2.0.0)
      scan (>= 0.8.0, < 1.0.0)
      screengrab (>= 0.3.2, < 1.0.0)
      sigh (>= 1.8.0, < 2.0.0)
      slack-notifier (~> 1.3)
      snapshot (>= 1.12.3, < 2.0.0)
      spaceship (>= 0.27.2, < 1.0.0)
      supply (>= 0.7.0, < 1.0.0)
      terminal-notifier (~> 1.6.2)
      terminal-table (~> 1.4.5)
      word_wrap (~> 1.0.0)
      xcode-install (~> 1.4.0)
      xcodeproj (>= 0.20, < 2.0.0)
      xcpretty (>= 0.2.1)
    frameit (2.7.0)
      deliver (> 0.3)
      fastimage (~> 1.6.3)
      fastlane_core (>= 0.36.1, < 1.0.0)
      mini_magick (~> 4.5.1)
    gym (1.6.4)
      fastlane_core (>= 0.43.3, < 1.0.0)
      plist
      rubyzip (>= 1.1.7)
      terminal-table
      xcpretty (>= 0.2.1)
    match (0.6.1)
      cert (>= 1.2.8, < 2.0.0)
      credentials_manager (>= 0.13.0, < 1.0.0)
      fastlane_core (>= 0.39.0, < 1.0.0)
      security
      sigh (>= 1.2.2, < 2.0.0)
      spaceship (>= 0.24.0, < 1.0.0)
    pem (1.3.1)
      fastlane_core (>= 0.43.1, < 1.0.0)
      spaceship (>= 0.26.2, < 1.0.0)
    pilot (1.9.2)
      credentials_manager (>= 0.3.0)
      fastlane_core (>= 0.46.2, < 1.0.0)
      spaceship (>= 0.27.0, < 1.0.0)
      terminal-table (~> 1.4.5)
    produce (1.1.2)
      fastlane_core (>= 0.30.0, < 1.0.0)
      spaceship (>= 0.16.0, < 1.0.0)
    scan (0.8.0)
      fastlane_core (>= 0.43.3, < 1.0.0)
      slack-notifier (~> 1.3)
      terminal-table
      xcpretty (>= 0.2.1)
      xcpretty-travis-formatter (>= 0.0.3)
    screengrab (0.3.2)
      fastlane_core (>= 0.38.0, < 1.0.0)
    sigh (1.8.0)
      fastlane_core (>= 0.36.1, < 1.0.0)
      plist (~> 3.1)
      spaceship (>= 0.22.0, < 1.0.0)
    snapshot (1.12.3)
      fastimage (~> 1.6.3)
      fastlane_core (>= 0.43.3, < 1.0.0)
      plist (~> 3.1.0)
      xcpretty (>= 0.2.1)
    supply (0.7.0)
      credentials_manager (>= 0.15.0)
      fastlane_core (>= 0.43.4)
      google-api-client (~> 0.9.1)

GEM
  remote: https://rubygems.org/
  specs:
    activesupport (5.0.0)
      concurrent-ruby (~> 1.0, >= 1.0.2)
      i18n (~> 0.7)
      minitest (~> 5.1)
      tzinfo (~> 1.1)
    addressable (2.3.8)
    babosa (1.0.2)
    claide (1.0.0)
    colored (1.2)
    commander (4.3.5)
      highline (~> 1.7.2)
    concurrent-ruby (1.0.2)
    credentials_manager (0.16.0)
      colored
      commander (>= 4.3.5)
      highline (>= 1.7.1)
      security
    domain_name (0.5.20160615)
      unf (>= 0.0.5, < 1.0.0)
    dotenv (2.1.1)
    excon (0.45.4)
    faraday (0.9.2)
      multipart-post (>= 1.2, < 3)
    faraday-cookie_jar (0.0.6)
      faraday (>= 0.7.4)
      http-cookie (~> 1.0.0)
    faraday_middleware (0.10.0)
      faraday (>= 0.7.4, < 0.10)
    fastimage (1.6.8)
      addressable (~> 2.3, >= 2.3.5)
    fastlane_core (0.48.1)
      babosa
      colored
      commander (= 4.3.5)
      credentials_manager (>= 0.16.0, < 1.0.0)
      excon (~> 0.45.0)
      gh_inspector (>= 1.0.1, < 2.0.0)
      highline (>= 1.7.2)
      json
      multi_json
      plist (~> 3.1)
      rubyzip (~> 1.1.6)
      terminal-table (~> 1.4.5)
    gh_inspector (1.0.2)
    google-api-client (0.9.11)
      addressable (~> 2.3)
      googleauth (~> 0.5)
      httpclient (~> 2.7)
      hurley (~> 0.1)
      memoist (~> 0.11)
      mime-types (>= 1.6)
      representable (~> 2.3.0)
      retriable (~> 2.0)
      thor (~> 0.19)
    googleauth (0.5.1)
      faraday (~> 0.9)
      jwt (~> 1.4)
      logging (~> 2.0)
      memoist (~> 0.12)
      multi_json (~> 1.11)
      os (~> 0.9)
      signet (~> 0.7)
    highline (1.7.8)
    http-cookie (1.0.2)
      domain_name (~> 0.5)
    httpclient (2.8.0)
    hurley (0.2)
    i18n (0.7.0)
    json (1.8.3)
    jwt (1.5.4)
    krausefx-shenzhen (0.14.9)
      commander (~> 4.3)
      dotenv (>= 0.7)
      faraday (~> 0.9)
      faraday_middleware (~> 0.9)
      highline (>= 1.7.2)
      json (~> 1.8)
      net-sftp (~> 2.1.2)
      plist (~> 3.1.0)
      rubyzip (~> 1.1)
      security (~> 0.1.3)
      terminal-table (~> 1.4.5)
    little-plugger (1.1.4)
    logging (2.1.0)
      little-plugger (~> 1.1)
      multi_json (~> 1.10)
    memoist (0.14.0)
    mime-types (3.1)
      mime-types-data (~> 3.2015)
    mime-types-data (3.2016.0521)
    mini_magick (4.5.1)
    minitest (5.9.0)
    multi_json (1.12.1)
    multi_xml (0.5.5)
    multipart-post (2.0.0)
    net-sftp (2.1.2)
      net-ssh (>= 2.6.5)
    net-ssh (3.2.0)
    os (0.9.6)
    plist (3.1.0)
    representable (2.3.0)
      uber (~> 0.0.7)
    retriable (2.1.0)
    rouge (1.11.1)
    rubyzip (1.1.7)
    security (0.1.3)
    signet (0.7.3)
      addressable (~> 2.3)
      faraday (~> 0.9)
      jwt (~> 1.5)
      multi_json (~> 1.10)
    slack-notifier (1.5.1)
    spaceship (0.28.0)
      colored
      credentials_manager (>= 0.9.0)
      faraday (~> 0.9)
      faraday-cookie_jar (~> 0.0.6)
      faraday_middleware (~> 0.9)
      fastimage (~> 1.6)
      multi_xml (~> 0.5)
      plist (~> 3.1)
    terminal-notifier (1.6.3)
    terminal-table (1.4.5)
    thor (0.19.1)
    thread_safe (0.3.5)
    tzinfo (1.2.2)
      thread_safe (~> 0.1)
    uber (0.0.15)
    unf (0.1.4)
      unf_ext
    unf_ext (0.0.7.2)
    word_wrap (1.0.0)
    xcode-install (1.4.0)
      claide (>= 0.9.1, < 1.1.0)
      spaceship (>= 0.25.1, < 1.0.0)
    xcodeproj (1.2.0)
      activesupport (>= 3)
      claide (>= 1.0.0, < 2.0)
      colored (~> 1.2)
    xcpretty (0.2.2)
      rouge (~> 1.8)
    xcpretty-travis-formatter (0.0.4)
      xcpretty (~> 0.2, >= 0.0.7)

PLATFORMS
  ruby

DEPENDENCIES
  android_emulator!
  fastlane!
  json (~> 1.8.1)

BUNDLED WITH
   1.12.3
