PATH
  remote: ../libs/graphql_java_gen
  specs:
    graphql_java_gen (0.2.0)
      graphql_schema (~> 0.1.8)

GEM
  remote: https://rubygems.org/
  specs:
    graphql_schema (0.1.8)

PLATFORMS
  ruby

DEPENDENCIES
  graphql_java_gen!

BUNDLED WITH
   2.2.28
