PATH
  remote: ../libs/graphql_java_gen
  specs:
    graphql_java_gen (0.1.0)
      graphql_schema (~> 0.1.1)

GEM
  remote: https://rubygems.org/
  specs:
    graphql_schema (0.1.5)

PLATFORMS
  ruby

DEPENDENCIES
  graphql_java_gen!

BUNDLED WITH
   1.14.3
