GEM
  remote: https://rubygems.org/
  specs:
    graphql_java_gen (0.2.0)
      graphql_schema (~> 0.1.1)
    graphql_schema (0.1.8)

PLATFORMS
  ruby

DEPENDENCIES
  graphql_java_gen

BUNDLED WITH
   2.2.28
